STORAGE: NONE
RESTRICTION: || (== netcoreapp3.1) (== netstandard2.0) (== netstandard2.1)
NUGET
  remote: https://api.nuget.org/v3/index.json
    coverlet.collector (1.3)
    coverlet.msbuild (2.9)
    Fable.Core (3.1.5)
      FSharp.Core (>= 4.7)
    FSharp.Core (4.7.2)
    Microsoft.CodeCoverage (16.7.1) - restriction: || (== netcoreapp3.1) (&& (== netstandard2.0) (>= net45)) (&& (== netstandard2.0) (>= netcoreapp2.1)) (&& (== netstandard2.1) (>= net45)) (&& (== netstandard2.1) (>= netcoreapp2.1))
    Microsoft.NET.Test.Sdk (16.7.1)
      Microsoft.CodeCoverage (>= 16.7.1) - restriction: || (== netcoreapp3.1) (&& (== netstandard2.0) (>= net45)) (&& (== netstandard2.0) (>= netcoreapp2.1)) (&& (== netstandard2.1) (>= net45)) (&& (== netstandard2.1) (>= netcoreapp2.1))
      Microsoft.TestPlatform.TestHost (>= 16.7.1) - restriction: || (== netcoreapp3.1) (&& (== netstandard2.0) (>= netcoreapp2.1)) (&& (== netstandard2.1) (>= netcoreapp2.1))
    Microsoft.NETCore.Platforms (3.1.2)
    Microsoft.TestPlatform.ObjectModel (16.7.1) - restriction: || (== netcoreapp3.1) (&& (== netstandard2.0) (>= netcoreapp2.1)) (&& (== netstandard2.1) (>= netcoreapp2.1))
      NuGet.Frameworks (>= 5.0)
    Microsoft.TestPlatform.TestHost (16.7.1) - restriction: || (== netcoreapp3.1) (&& (== netstandard2.0) (>= netcoreapp2.1)) (&& (== netstandard2.1) (>= netcoreapp2.1))
      Microsoft.TestPlatform.ObjectModel (>= 16.7.1) - restriction: || (== netcoreapp3.1) (&& (== netstandard2.0) (>= netcoreapp2.1)) (&& (== netstandard2.0) (>= uap10.0)) (&& (== netstandard2.1) (>= netcoreapp2.1)) (&& (== netstandard2.1) (>= uap10.0))
      Newtonsoft.Json (>= 9.0.1) - restriction: || (== netcoreapp3.1) (&& (== netstandard2.0) (>= netcoreapp2.1)) (&& (== netstandard2.0) (>= uap10.0)) (&& (== netstandard2.1) (>= netcoreapp2.1)) (&& (== netstandard2.1) (>= uap10.0))
    NETStandard.Library (2.0.3)
      Microsoft.NETCore.Platforms (>= 1.1)
    Newtonsoft.Json (12.0.3) - restriction: || (== netcoreapp3.1) (&& (== netstandard2.0) (>= netcoreapp2.1)) (&& (== netstandard2.1) (>= netcoreapp2.1))
    NuGet.Frameworks (5.7) - restriction: || (== netcoreapp3.1) (&& (== netstandard2.0) (>= netcoreapp2.1)) (&& (== netstandard2.1) (>= netcoreapp2.1))
    Unquote (5.0)
      FSharp.Core (>= 4.6.2)
    xunit (2.4.1)
      xunit.analyzers (>= 0.10)
      xunit.assert (2.4.1)
      xunit.core (2.4.1)
    xunit.abstractions (2.0.3)
    xunit.analyzers (0.10)
    xunit.assert (2.4.1)
      NETStandard.Library (>= 1.6.1)
    xunit.core (2.4.1)
      xunit.extensibility.core (2.4.1)
      xunit.extensibility.execution (2.4.1)
    xunit.extensibility.core (2.4.1)
      NETStandard.Library (>= 1.6.1)
      xunit.abstractions (>= 2.0.3)
    xunit.extensibility.execution (2.4.1)
      NETStandard.Library (>= 1.6.1)
      xunit.extensibility.core (2.4.1)
    xunit.runner.visualstudio (2.4.3)
GITHUB
  remote: fable-compiler/fable
    lib\fcs\FSharp.Compiler.Service.dll (a6d4b340c2811ab69a03bdf1a6e1f0c2092c9864)
    lib\fcs\FSharp.Compiler.Service.xml (a6d4b340c2811ab69a03bdf1a6e1f0c2092c9864)
    src\Fable.Transforms\AST\AST.Common.fs (a6d4b340c2811ab69a03bdf1a6e1f0c2092c9864)
    src\Fable.Transforms\AST\AST.Fable.fs (a6d4b340c2811ab69a03bdf1a6e1f0c2092c9864)
    src\Fable.Transforms\FableTransforms.fs (a6d4b340c2811ab69a03bdf1a6e1f0c2092c9864)
    src\Fable.Transforms\FSharp2Fable.fs (a6d4b340c2811ab69a03bdf1a6e1f0c2092c9864)
    src\Fable.Transforms\FSharp2Fable.Util.fs (a6d4b340c2811ab69a03bdf1a6e1f0c2092c9864)
    src\Fable.Transforms\Global\Compiler.fs (a6d4b340c2811ab69a03bdf1a6e1f0c2092c9864)
    src\Fable.Transforms\Global\Fable.Core.fs (a6d4b340c2811ab69a03bdf1a6e1f0c2092c9864)
    src\Fable.Transforms\Global\Prelude.fs (a6d4b340c2811ab69a03bdf1a6e1f0c2092c9864)
    src\Fable.Transforms\Inject.fs (a6d4b340c2811ab69a03bdf1a6e1f0c2092c9864)
    src\Fable.Transforms\MonadicTrampoline.fs (a6d4b340c2811ab69a03bdf1a6e1f0c2092c9864)
    src\Fable.Transforms\OverloadSuffix.fs (a6d4b340c2811ab69a03bdf1a6e1f0c2092c9864)
    src\Fable.Transforms\Replacements.fs (a6d4b340c2811ab69a03bdf1a6e1f0c2092c9864)
    src\Fable.Transforms\ReplacementsInject.fs (a6d4b340c2811ab69a03bdf1a6e1f0c2092c9864)
    src\Fable.Transforms\Transforms.Util.fs (a6d4b340c2811ab69a03bdf1a6e1f0c2092c9864)