STORAGE: NONE
RESTRICTION: || (== netcoreapp3.1) (== netstandard2.0) (== netstandard2.1)
NUGET
  remote: https://api.nuget.org/v3/index.json
    Argu (6.1.1)
      FSharp.Core (>= 4.3.2)
      System.Configuration.ConfigurationManager (>= 4.4)
    coverlet.collector (1.3)
    coverlet.msbuild (2.9)
    Dotnet.ProjInfo (0.44)
      FSharp.Core (>= 4.6.2)
      Microsoft.NETFramework.ReferenceAssemblies (>= 1.0)
      System.ValueTuple (>= 4.4)
    Fable.Core (3.1.5)
      FSharp.Core (>= 4.7)
    FSharp.Core (4.7.2)
    Microsoft.CodeCoverage (16.7.1) - restriction: || (== netcoreapp3.1) (&& (== netstandard2.0) (>= net45)) (&& (== netstandard2.0) (>= netcoreapp2.1)) (&& (== netstandard2.1) (>= net45)) (&& (== netstandard2.1) (>= netcoreapp2.1))
    Microsoft.NET.Test.Sdk (16.7.1)
      Microsoft.CodeCoverage (>= 16.7.1) - restriction: || (== netcoreapp3.1) (&& (== netstandard2.0) (>= net45)) (&& (== netstandard2.0) (>= netcoreapp2.1)) (&& (== netstandard2.1) (>= net45)) (&& (== netstandard2.1) (>= netcoreapp2.1))
      Microsoft.TestPlatform.TestHost (>= 16.7.1) - restriction: || (== netcoreapp3.1) (&& (== netstandard2.0) (>= netcoreapp2.1)) (&& (== netstandard2.1) (>= netcoreapp2.1))
    Microsoft.NETCore.Platforms (3.1.2)
    Microsoft.NETFramework.ReferenceAssemblies (1.0)
    Microsoft.TestPlatform.ObjectModel (16.7.1) - restriction: || (== netcoreapp3.1) (&& (== netstandard2.0) (>= netcoreapp2.1)) (&& (== netstandard2.1) (>= netcoreapp2.1))
      NuGet.Frameworks (>= 5.0)
    Microsoft.TestPlatform.TestHost (16.7.1) - restriction: || (== netcoreapp3.1) (&& (== netstandard2.0) (>= netcoreapp2.1)) (&& (== netstandard2.1) (>= netcoreapp2.1))
      Microsoft.TestPlatform.ObjectModel (>= 16.7.1) - restriction: || (== netcoreapp3.1) (&& (== netstandard2.0) (>= netcoreapp2.1)) (&& (== netstandard2.0) (>= uap10.0)) (&& (== netstandard2.1) (>= netcoreapp2.1)) (&& (== netstandard2.1) (>= uap10.0))
      Newtonsoft.Json (>= 9.0.1) - restriction: || (== netcoreapp3.1) (&& (== netstandard2.0) (>= netcoreapp2.1)) (&& (== netstandard2.0) (>= uap10.0)) (&& (== netstandard2.1) (>= netcoreapp2.1)) (&& (== netstandard2.1) (>= uap10.0))
    Microsoft.Win32.SystemEvents (4.7) - restriction: || (== netcoreapp3.1) (&& (== netstandard2.0) (>= netcoreapp3.0)) (&& (== netstandard2.1) (>= netcoreapp3.0))
      Microsoft.NETCore.Platforms (>= 3.1) - restriction: || (== netcoreapp3.1) (&& (== netstandard2.0) (>= netcoreapp2.0)) (&& (== netstandard2.1) (>= netcoreapp2.0))
    NETStandard.Library (2.0.3)
      Microsoft.NETCore.Platforms (>= 1.1)
    Newtonsoft.Json (12.0.3) - restriction: || (== netcoreapp3.1) (&& (== netstandard2.0) (>= netcoreapp2.1)) (&& (== netstandard2.1) (>= netcoreapp2.1))
    NuGet.Frameworks (5.7) - restriction: || (== netcoreapp3.1) (&& (== netstandard2.0) (>= netcoreapp2.1)) (&& (== netstandard2.1) (>= netcoreapp2.1))
    System.Buffers (4.5.1) - restriction: || (&& (== netcoreapp3.1) (>= monoandroid)) (&& (== netcoreapp3.1) (>= monotouch)) (&& (== netcoreapp3.1) (>= net461)) (&& (== netcoreapp3.1) (< netcoreapp2.0)) (&& (== netcoreapp3.1) (< netstandard1.1)) (&& (== netcoreapp3.1) (< netstandard2.0)) (&& (== netcoreapp3.1) (>= xamarinios)) (&& (== netcoreapp3.1) (>= xamarinmac)) (&& (== netcoreapp3.1) (>= xamarintvos)) (&& (== netcoreapp3.1) (>= xamarinwatchos)) (== netstandard2.0) (== netstandard2.1)
    System.Configuration.ConfigurationManager (4.7)
      System.Security.Cryptography.ProtectedData (>= 4.7)
      System.Security.Permissions (>= 4.7)
    System.Drawing.Common (4.7) - restriction: || (== netcoreapp3.1) (&& (== netstandard2.0) (>= netcoreapp3.0)) (&& (== netstandard2.1) (>= netcoreapp3.0))
      Microsoft.NETCore.Platforms (>= 3.1) - restriction: || (== netcoreapp3.1) (&& (== netstandard2.0) (>= netcoreapp2.0)) (&& (== netstandard2.1) (>= netcoreapp2.0))
      Microsoft.Win32.SystemEvents (>= 4.7) - restriction: || (== netcoreapp3.1) (&& (== netstandard2.0) (>= netcoreapp2.0)) (&& (== netstandard2.1) (>= netcoreapp2.0))
    System.Memory (4.5.4) - restriction: || (&& (== netcoreapp3.1) (< netcoreapp2.1)) (== netstandard2.0) (== netstandard2.1)
      System.Buffers (>= 4.5.1) - restriction: || (&& (== netcoreapp3.1) (>= monoandroid)) (&& (== netcoreapp3.1) (>= monotouch)) (&& (== netcoreapp3.1) (>= net461)) (&& (== netcoreapp3.1) (< netcoreapp2.0)) (&& (== netcoreapp3.1) (< netstandard1.1)) (&& (== netcoreapp3.1) (< netstandard2.0)) (&& (== netcoreapp3.1) (>= xamarinios)) (&& (== netcoreapp3.1) (>= xamarinmac)) (&& (== netcoreapp3.1) (>= xamarintvos)) (&& (== netcoreapp3.1) (>= xamarinwatchos)) (== netstandard2.0) (== netstandard2.1)
      System.Numerics.Vectors (>= 4.4) - restriction: || (&& (== netcoreapp3.1) (< netcoreapp2.0)) (== netstandard2.0) (== netstandard2.1)
      System.Runtime.CompilerServices.Unsafe (>= 4.5.3) - restriction: || (&& (== netcoreapp3.1) (>= monoandroid)) (&& (== netcoreapp3.1) (>= monotouch)) (&& (== netcoreapp3.1) (>= net461)) (&& (== netcoreapp3.1) (< netcoreapp2.0)) (&& (== netcoreapp3.1) (< netcoreapp2.1)) (&& (== netcoreapp3.1) (< netstandard1.1)) (&& (== netcoreapp3.1) (< netstandard2.0)) (&& (== netcoreapp3.1) (>= uap10.1)) (&& (== netcoreapp3.1) (>= xamarinios)) (&& (== netcoreapp3.1) (>= xamarinmac)) (&& (== netcoreapp3.1) (>= xamarintvos)) (&& (== netcoreapp3.1) (>= xamarinwatchos)) (== netstandard2.0) (== netstandard2.1)
    System.Numerics.Vectors (4.5) - restriction: || (&& (== netcoreapp3.1) (< netcoreapp2.0)) (== netstandard2.0) (== netstandard2.1)
    System.Runtime.CompilerServices.Unsafe (4.7.1) - restriction: || (&& (== netcoreapp3.1) (>= monoandroid)) (&& (== netcoreapp3.1) (>= monotouch)) (&& (== netcoreapp3.1) (>= net461)) (&& (== netcoreapp3.1) (< netcoreapp2.0)) (&& (== netcoreapp3.1) (< netcoreapp2.1)) (&& (== netcoreapp3.1) (< netstandard1.1)) (&& (== netcoreapp3.1) (< netstandard2.0)) (&& (== netcoreapp3.1) (>= uap10.1)) (&& (== netcoreapp3.1) (>= xamarinios)) (&& (== netcoreapp3.1) (>= xamarinmac)) (&& (== netcoreapp3.1) (>= xamarintvos)) (&& (== netcoreapp3.1) (>= xamarinwatchos)) (== netstandard2.0) (== netstandard2.1)
    System.Security.AccessControl (4.7)
      Microsoft.NETCore.Platforms (>= 3.1) - restriction: || (== netcoreapp3.1) (&& (== netstandard2.0) (>= netcoreapp2.0)) (&& (== netstandard2.1) (>= netcoreapp2.0))
      System.Security.Principal.Windows (>= 4.7)
    System.Security.Cryptography.ProtectedData (4.7)
      System.Memory (>= 4.5.3) - restriction: || (&& (== netcoreapp3.1) (< netcoreapp2.1)) (== netstandard2.0) (== netstandard2.1)
    System.Security.Permissions (4.7)
      System.Security.AccessControl (>= 4.7)
      System.Windows.Extensions (>= 4.7) - restriction: || (== netcoreapp3.1) (&& (== netstandard2.0) (>= netcoreapp3.0)) (&& (== netstandard2.1) (>= netcoreapp3.0))
    System.Security.Principal.Windows (4.7)
    System.ValueTuple (4.5)
    System.Windows.Extensions (4.7) - restriction: || (== netcoreapp3.1) (&& (== netstandard2.0) (>= netcoreapp3.0)) (&& (== netstandard2.1) (>= netcoreapp3.0))
      System.Drawing.Common (>= 4.7) - restriction: || (== netcoreapp3.1) (&& (== netstandard2.0) (>= netcoreapp3.0)) (&& (== netstandard2.1) (>= netcoreapp3.0))
    Unquote (5.0)
      FSharp.Core (>= 4.6.2)
    xunit (2.4.1)
      xunit.analyzers (>= 0.10)
      xunit.assert (2.4.1)
      xunit.core (2.4.1)
    xunit.abstractions (2.0.3)
    xunit.analyzers (0.10)
    xunit.assert (2.4.1)
      NETStandard.Library (>= 1.6.1)
    xunit.core (2.4.1)
      xunit.extensibility.core (2.4.1)
      xunit.extensibility.execution (2.4.1)
    xunit.extensibility.core (2.4.1)
      NETStandard.Library (>= 1.6.1)
      xunit.abstractions (>= 2.0.3)
    xunit.extensibility.execution (2.4.1)
      NETStandard.Library (>= 1.6.1)
      xunit.extensibility.core (2.4.1)
    xunit.runner.visualstudio (2.4.3)
GITHUB
  remote: fable-compiler/fable
    lib\fcs\FSharp.Compiler.Service.dll (bd1a9944a6c16f3e7796c27a1c42a3cb1cb2d5cb)
    lib\fcs\FSharp.Compiler.Service.xml (bd1a9944a6c16f3e7796c27a1c42a3cb1cb2d5cb)
    src\Fable.Transforms\AST\AST.Common.fs (bd1a9944a6c16f3e7796c27a1c42a3cb1cb2d5cb)
    src\Fable.Transforms\AST\AST.Fable.fs (bd1a9944a6c16f3e7796c27a1c42a3cb1cb2d5cb)
    src\Fable.Transforms\FableTransforms.fs (bd1a9944a6c16f3e7796c27a1c42a3cb1cb2d5cb)
    src\Fable.Transforms\FSharp2Fable.fs (bd1a9944a6c16f3e7796c27a1c42a3cb1cb2d5cb)
    src\Fable.Transforms\FSharp2Fable.Util.fs (bd1a9944a6c16f3e7796c27a1c42a3cb1cb2d5cb)
    src\Fable.Transforms\Global\Compiler.fs (bd1a9944a6c16f3e7796c27a1c42a3cb1cb2d5cb)
    src\Fable.Transforms\Global\Fable.Core.fs (bd1a9944a6c16f3e7796c27a1c42a3cb1cb2d5cb)
    src\Fable.Transforms\Global\Prelude.fs (bd1a9944a6c16f3e7796c27a1c42a3cb1cb2d5cb)
    src\Fable.Transforms\Inject.fs (bd1a9944a6c16f3e7796c27a1c42a3cb1cb2d5cb)
    src\Fable.Transforms\MonadicTrampoline.fs (bd1a9944a6c16f3e7796c27a1c42a3cb1cb2d5cb)
    src\Fable.Transforms\OverloadSuffix.fs (bd1a9944a6c16f3e7796c27a1c42a3cb1cb2d5cb)
    src\Fable.Transforms\Replacements.fs (bd1a9944a6c16f3e7796c27a1c42a3cb1cb2d5cb)
    src\Fable.Transforms\ReplacementsInject.fs (bd1a9944a6c16f3e7796c27a1c42a3cb1cb2d5cb)
    src\Fable.Transforms\Transforms.Util.fs (bd1a9944a6c16f3e7796c27a1c42a3cb1cb2d5cb)